GIT
  remote: https://github.com/laurita/scluster.git
  revision: d357d9d8eae7e1c0393f23aa1362b9c06b0641a1
  branch: master
  specs:
    scluster (0.0.3)

GIT
  remote: https://github.com/munshkr/string_clusterer.git
  revision: 150e31746c40bfdaff245419d54892f9c06898a8
  branch: master
  specs:
    string_clusterer (0.0.1)
      unicode_utils (~> 1.4.0)

GEM
  remote: https://rubygems.org/
  specs:
    Empact-hierclust (0.3.0)
    alias (0.2.3)
    awesome_print (1.2.0)
    binding.repl (1.0.4.1)
    binding_of_caller (0.7.2)
      debug_inspector (>= 0.0.1)
    bond (0.5.1)
    boson (1.2.4)
    boson-more (0.2.2)
      boson (>= 1.2.0)
    cabiri (0.0.7)
    clipboard (1.0.5)
    clusterer (0.1.9)
      stemmer (>= 0.0.0)
    coderay (1.1.0)
    debug_inspector (0.0.2)
    debugging (1.0.1)
      binding.repl (~> 1)
      paint (~> 0, >= 0.8.7)
    every_day_irb (1.6.1)
    fancy_irb (0.7.3)
      paint (>= 0.8.1)
      unicode-display_width (>= 0.1.1)
    fastcluster (1.0.1)
    ffi (1.9.3)
    g (1.7.2)
    hierclust (0.1.5)
    hirb (0.7.2)
    interactive_editor (0.0.10)
      spoon (>= 0.0.1)
    irbtools (1.6.1)
      alias (~> 0.2.3)
      awesome_print (~> 1.2)
      binding.repl (>= 1.0.1)
      boson (~> 1.2.4)
      boson-more (~> 0.2.2)
      clipboard (~> 1.0.5)
      coderay (~> 1.1.0)
      debugging (~> 1.0)
      every_day_irb (>= 1.6.1)
      fancy_irb (>= 0.7.3)
      g (>= 1.7.2)
      hirb (~> 0.7)
      interactive_editor (>= 0.0.10)
      method_locator (>= 0.0.4)
      method_source (>= 0.8.2)
      methodfinder (>= 1.2.5)
      ori (~> 0.1.0)
      os (~> 0.9)
      paint (>= 0.8.7)
      ruby_engine (~> 1.0)
      ruby_info (~> 1.0)
      ruby_version (~> 1.0)
      wirb (>= 1.0.3)
    irbtools-more (1.6.1)
      binding_of_caller (~> 0.7)
      bond (~> 0.5)
      irbtools (~> 1.6)
      looksee (~> 2.0)
    kmeans-clustering (1.0.0)
      cabiri (>= 0.0.7)
    levenshtein (0.2.2)
    looksee (2.1.1)
    method_locator (0.0.4)
    method_source (0.8.2)
    methodfinder (2.0.0)
    ori (0.1.0)
    os (0.9.6)
    paint (0.8.7)
    rbcluster (0.0.2)
    refine (0.0.1)
    ruby_engine (1.0.1)
    ruby_info (1.0.1)
    ruby_version (1.0.1)
    sketches (0.1.1)
    spoon (0.0.4)
      ffi
    stemmer (1.0.1)
    unicode-display_width (0.1.1)
    unicode_utils (1.4.0)
    wirb (1.0.3)
      paint (~> 0.8)
    zucker (100.0.0)
      refine (~> 0)

PLATFORMS
  ruby

DEPENDENCIES
  Empact-hierclust
  clusterer
  fastcluster
  hierclust
  irbtools
  irbtools-more
  kmeans-clustering
  levenshtein
  rbcluster
  scluster!
  sketches
  string_clusterer!
  zucker
