GEM
  remote: http://rubygems.org/
  specs:
    commander (4.1.6)
      highline (~> 1.6.11)
    highline (1.6.20)
    ruby-ole (1.2.11.7)
    ruby-progressbar (1.0.2)
    spreadsheet (0.7.9)
      ruby-ole (>= 1.0)
    unindentable (0.1.0)
    writeexcel (1.0.4)
    xls (0.1.2)
      commander (~> 4.1.3)
      ruby-progressbar (~> 1.0.2)
      spreadsheet (~> 0.7.6)
      unindentable (~> 0.1.0)

PLATFORMS
  ruby

DEPENDENCIES
  writeexcel
  xls
