GEM
  remote: http://rubygems.org/
  specs:
    activesupport (4.0.2)
      i18n (~> 0.6, >= 0.6.4)
      minitest (~> 4.2)
      multi_json (~> 1.3)
      thread_safe (~> 0.1)
      tzinfo (~> 0.3.37)
    atomic (1.1.14)
    awesome_print (1.1.0)
    bayesball (0.3.0)
    cabiri (0.0.7)
    docx (0.2.03)
      nokogiri (~> 1.5)
      rubyzip (~> 0.9)
    fast-stemmer (1.0.2)
    fastcluster (1.0.1)
    hierclust (0.1.5)
    i18n (0.6.9)
    judgee (0.1.1)
      redis
    kmeans-clustering (1.0.0)
      cabiri (>= 0.0.7)
    mini_portile (0.5.2)
    minitest (4.7.5)
    msgpack (0.5.8)
    multi_json (1.8.4)
    nokogiri (1.6.1)
      mini_portile (~> 0.5.0)
    rbcluster (0.0.2)
    reclassifier (0.4.11)
      activesupport
      fast-stemmer
    redis (3.0.4)
    rubyzip (0.9.9)
    sequel (4.7.0)
    sqlite3 (1.3.8)
    stuff-classifier (0.5)
      fast-stemmer (>= 1.0)
      msgpack
      sequel
      sqlite3
    systemu (2.5.2)
    thread_safe (0.1.3)
      atomic
    tzinfo (0.3.38)

PLATFORMS
  ruby

DEPENDENCIES
  awesome_print
  bayesball
  docx
  fastcluster
  hierclust
  judgee
  kmeans-clustering
  rbcluster
  reclassifier
  stuff-classifier
  systemu
