GEM
  remote: http://rubygems.org/
  specs:
    awesome_print (1.1.0)
    judgee (0.1.1)
      redis
    redis (3.0.4)
    systemu (2.5.2)

PLATFORMS
  ruby

DEPENDENCIES
  awesome_print
  judgee
  systemu
