GEM
  remote: http://rubygems.org/
  specs:
    activesupport (4.1.4)
      i18n (~> 0.6, >= 0.6.9)
      json (~> 1.7, >= 1.7.7)
      minitest (~> 5.1)
      thread_safe (~> 0.1)
      tzinfo (~> 1.1)
    awesome_print (1.2.0)
    bayesball (0.3.0)
    cabiri (0.0.7)
    classifier (1.3.4)
      fast-stemmer (>= 1.0.0)
    classifier-reborn (2.0.1)
      fast-stemmer (~> 1.0)
    clusterer (0.1.9)
      stemmer (>= 0.0.0)
    docx (0.2.03)
      nokogiri (~> 1.5)
      rubyzip (~> 0.9)
    fast-stemmer (1.0.2)
    fastcluster (1.0.1)
    hierclust (0.1.5)
    i18n (0.6.11)
    json (1.8.1)
    judgee (0.1.1)
      redis
    kmeans-clustering (1.0.0)
      cabiri (>= 0.0.7)
    mini_portile (0.6.0)
    minitest (5.4.0)
    msgpack (0.5.8)
    narray (0.6.0.9)
    nokogiri (1.6.3.1)
      mini_portile (= 0.6.0)
    rb-gsl (1.16.0.2)
      narray (>= 0.5.9)
    rbcluster (0.0.2)
    reclassifier (0.4.11)
      activesupport
      fast-stemmer
    redis (3.1.0)
    rubyzip (0.9.9)
    sequel (4.13.0)
    sqlite3 (1.3.9)
    stemmer (1.0.1)
    stuff-classifier (0.5)
      fast-stemmer (>= 1.0)
      msgpack
      sequel
      sqlite3
    systemu (2.6.4)
    thread_safe (0.3.4)
    tzinfo (1.2.2)
      thread_safe (~> 0.1)

PLATFORMS
  ruby

DEPENDENCIES
  awesome_print
  bayesball
  classifier
  classifier-reborn
  clusterer
  docx
  fastcluster
  hierclust
  judgee
  kmeans-clustering
  rb-gsl
  rbcluster
  reclassifier
  stuff-classifier
  systemu
